PATH
  remote: .
  specs:
    rya (0.1.0)
      abort_if (~> 0.2.0)
      systemu (~> 2.6, >= 2.6.5)

GEM
  remote: https://rubygems.org/
  specs:
    abort_if (0.2.0)
    diff-lcs (1.3)
    rake (10.5.0)
    rspec (3.7.0)
      rspec-core (~> 3.7.0)
      rspec-expectations (~> 3.7.0)
      rspec-mocks (~> 3.7.0)
    rspec-core (3.7.1)
      rspec-support (~> 3.7.0)
    rspec-expectations (3.7.0)
      diff-lcs (>= 1.2.0, < 2.0)
      rspec-support (~> 3.7.0)
    rspec-mocks (3.7.0)
      diff-lcs (>= 1.2.0, < 2.0)
      rspec-support (~> 3.7.0)
    rspec-support (3.7.1)
    systemu (2.6.5)
    yard (0.9.15)

PLATFORMS
  ruby

DEPENDENCIES
  bundler (~> 1.16)
  rake (~> 10.0)
  rspec (~> 3.0)
  rya!
  yard (~> 0.9.15)

BUNDLED WITH
   1.16.3
