PATH
  remote: .
  specs:
    rya (0.6.3)
      abort_if (~> 0.2.0)
      systemu (~> 2.6, >= 2.6.5)

GEM
  remote: https://rubygems.org/
  specs:
    abort_if (0.2.0)
    coveralls (0.8.22)
      json (>= 1.8, < 3)
      simplecov (~> 0.16.1)
      term-ansicolor (~> 1.3)
      thor (~> 0.19.4)
      tins (~> 1.6)
    diff-lcs (1.3)
    docile (1.3.1)
    json (2.3.1)
    rake (13.0.1)
    rspec (3.7.0)
      rspec-core (~> 3.7.0)
      rspec-expectations (~> 3.7.0)
      rspec-mocks (~> 3.7.0)
    rspec-core (3.7.1)
      rspec-support (~> 3.7.0)
    rspec-expectations (3.7.0)
      diff-lcs (>= 1.2.0, < 2.0)
      rspec-support (~> 3.7.0)
    rspec-mocks (3.7.0)
      diff-lcs (>= 1.2.0, < 2.0)
      rspec-support (~> 3.7.0)
    rspec-support (3.7.1)
    simplecov (0.16.1)
      docile (~> 1.1)
      json (>= 1.8, < 3)
      simplecov-html (~> 0.10.0)
    simplecov-html (0.10.2)
    systemu (2.6.5)
    term-ansicolor (1.6.0)
      tins (~> 1.0)
    thor (0.19.4)
    tins (1.16.3)
    yard (0.9.15)

PLATFORMS
  ruby

DEPENDENCIES
  bundler (~> 1.16)
  coveralls (~> 0.8.22)
  rake (~> 13.0.1)
  rspec (~> 3.0)
  rya!
  yard (~> 0.9.15)

BUNDLED WITH
   1.16.3
